PATH
  remote: .
  specs:
    agenda_pdf (0.1.0)
      prawn (~> 2.4)

GEM
  remote: https://rubygems.org/
  specs:
    byebug (11.1.3)
    diff-lcs (1.5.0)
    pdf-core (0.9.0)
    prawn (2.4.0)
      pdf-core (~> 0.9.0)
      ttfunk (~> 1.7)
    rake (10.5.0)
    rspec (3.10.0)
      rspec-core (~> 3.10.0)
      rspec-expectations (~> 3.10.0)
      rspec-mocks (~> 3.10.0)
    rspec-core (3.10.1)
      rspec-support (~> 3.10.0)
    rspec-expectations (3.10.2)
      diff-lcs (>= 1.2.0, < 2.0)
      rspec-support (~> 3.10.0)
    rspec-mocks (3.10.2)
      diff-lcs (>= 1.2.0, < 2.0)
      rspec-support (~> 3.10.0)
    rspec-support (3.10.3)
    ttfunk (1.7.0)

PLATFORMS
  ruby

DEPENDENCIES
  agenda_pdf!
  bundler (~> 2.2.22)
  byebug (~> 11.1)
  prawn (~> 2.4)
  rake (~> 10.0)
  rspec (~> 3.0)

RUBY VERSION
   ruby 3.0.2p107

BUNDLED WITH
   2.2.22
